GEM
  remote: http://rubygems.org/
  specs:
    request-log-analyzer (1.10.1)
    thor (0.14.6)

PLATFORMS
  ruby

DEPENDENCIES
  request-log-analyzer
  thor
